GEM
  remote: https://rubygems.org/
  specs:
    addressable (2.5.1)
      public_suffix (~> 2.0, >= 2.0.2)
    algoliasearch (1.16.0)
      httpclient (~> 2.8.3)
      json (>= 1.5.1)
    algoliasearch-jekyll (0.8.2)
      algoliasearch (~> 1.4)
      appraisal (~> 2.1.0)
      awesome_print (~> 1.6)
      json (>= 1.8.6)
      nokogiri (~> 1.7, >= 1.7.2)
      verbal_expressions (~> 0.1.5)
    appraisal (2.1.0)
      bundler
      rake
      thor (>= 0.14.0)
    awesome_print (1.8.0)
    colorator (1.1.0)
    ffi (1.9.18-x64-mingw32)
    forwardable-extended (2.6.0)
    httpclient (2.8.3)
    jekyll (3.5.1)
      addressable (~> 2.4)
      colorator (~> 1.0)
      jekyll-sass-converter (~> 1.0)
      jekyll-watch (~> 1.1)
      kramdown (~> 1.3)
      liquid (~> 4.0)
      mercenary (~> 0.3.3)
      pathutil (~> 0.9)
      rouge (~> 1.7)
      safe_yaml (~> 1.0)
    jekyll-paginate (1.1.0)
    jekyll-paginate-v2 (1.9.0)
      jekyll (~> 3.0)
    jekyll-sass-converter (1.5.0)
      sass (~> 3.4)
    jekyll-sitemap (1.1.1)
      jekyll (~> 3.3)
    jekyll-watch (1.5.0)
      listen (~> 3.0, < 3.1)
    json (2.0.2)
    kramdown (1.14.0)
    liquid (4.0.0)
    listen (3.0.8)
      rb-fsevent (~> 0.9, >= 0.9.4)
      rb-inotify (~> 0.9, >= 0.9.7)
    mercenary (0.3.6)
    mini_portile2 (2.3.0)
    nokogiri (1.8.1-x64-mingw32)
      mini_portile2 (~> 2.3.0)
    pathutil (0.14.0)
      forwardable-extended (~> 2.6)
    public_suffix (2.0.5)
    rake (12.1.0)
    rb-fsevent (0.10.2)
    rb-inotify (0.9.10)
      ffi (>= 0.5.0, < 2)
    rouge (1.11.1)
    safe_yaml (1.0.4)
    sass (3.5.1)
      sass-listen (~> 4.0.0)
    sass-listen (4.0.0)
      rb-fsevent (~> 0.9, >= 0.9.4)
      rb-inotify (~> 0.9, >= 0.9.7)
    thor (0.20.0)
    thread_safe (0.3.6)
    tzinfo (1.2.3)
      thread_safe (~> 0.1)
    tzinfo-data (1.2017.2)
      tzinfo (>= 1.0.0)
    verbal_expressions (0.1.5)

PLATFORMS
  x64-mingw32

DEPENDENCIES
  algoliasearch-jekyll (~> 0.8.2)
  jekyll (= 3.5.1)
  jekyll-paginate (~> 1.1)
  jekyll-paginate-v2 (~> 1.9)
  jekyll-sitemap
  tzinfo-data

BUNDLED WITH
   1.16.0.pre.2
